GEM
  remote: https://rubygems.org/
  specs:
    backports (3.3.0)
    bootstrap-sass (2.3.1.0)
      sass (~> 3.2)
    ember (0.3.1)
    eventmachine (1.0.3-x86-mingw32)
    multi_json (1.7.2)
    rack (1.5.2)
    rack-protection (1.5.0)
      rack
    rack-test (0.6.2)
      rack (>= 1.0)
    sass (3.2.7)
    sinatra (1.4.2)
      rack (~> 1.5, >= 1.5.2)
      rack-protection (~> 1.4)
      tilt (~> 1.3, >= 1.3.4)
    sinatra-contrib (1.4.0)
      backports (>= 2.0)
      eventmachine
      rack-protection
      rack-test
      sinatra (~> 1.4.2)
      tilt (~> 1.3)
    tilt (1.3.6)

PLATFORMS
  x86-mingw32

DEPENDENCIES
  bootstrap-sass (~> 2.3.1.0)
  ember
  multi_json
  sass
  sinatra
  sinatra-contrib
